GEM
  remote: https://rubygems.org/
  specs:
    ffi (1.9.6)
    rb-inotify (0.9.5)
      ffi (>= 0.5.0)
    sqlite3 (1.3.10)

PLATFORMS
  ruby

DEPENDENCIES
  rb-inotify
  sqlite3
